GEM
  remote: http://rubygems.org/
  specs:
    Ascii85 (1.0.2)
    POpen4 (0.1.4)
      Platform (>= 0.4.0)
      open4
    Platform (0.4.0)
    actionmailer (3.2.9)
      actionpack (= 3.2.9)
      mail (~> 2.4.4)
    actionpack (3.2.9)
      activemodel (= 3.2.9)
      activesupport (= 3.2.9)
      builder (~> 3.0.0)
      erubis (~> 2.7.0)
      journey (~> 1.0.4)
      rack (~> 1.4.0)
      rack-cache (~> 1.2)
      rack-test (~> 0.6.1)
      sprockets (~> 2.2.1)
    activemodel (3.2.9)
      activesupport (= 3.2.9)
      builder (~> 3.0.0)
    activerecord (3.2.9)
      activemodel (= 3.2.9)
      activesupport (= 3.2.9)
      arel (~> 3.0.2)
      tzinfo (~> 0.3.29)
    activeresource (3.2.9)
      activemodel (= 3.2.9)
      activesupport (= 3.2.9)
    activesupport (3.2.9)
      i18n (~> 0.6)
      multi_json (~> 1.0)
    addressable (2.2.8)
    arel (3.0.2)
    bcrypt-ruby (3.0.1)
    builder (3.0.4)
    cancan (1.6.8)
    carrierwave (0.7.1)
      activemodel (>= 3.2.0)
      activesupport (>= 3.2.0)
    coderay (1.0.8)
    coffee-rails (3.2.2)
      coffee-script (>= 2.2.0)
      railties (~> 3.2.0)
    coffee-script (2.2.0)
      coffee-script-source
      execjs
    coffee-script-source (1.4.0)
    dalli (2.5.0)
    delayed_job (3.0.4)
      activesupport (~> 3.0)
    delayed_job_active_record (0.3.3)
      activerecord (>= 2.1.0, < 4)
      delayed_job (~> 3.0)
    devise (2.1.2)
      bcrypt-ruby (~> 3.0)
      orm_adapter (~> 0.1)
      railties (~> 3.1)
      warden (~> 1.2.1)
    devise_invitable (1.1.3)
      actionmailer (~> 3.0)
      devise (>= 2.1.0)
      railties (~> 3.0)
    engineyard (2.0.9)
      engineyard-cloud-client (~> 1.0.7)
      engineyard-serverside-adapter (= 2.0.4)
      escape (~> 0.0.4)
      highline (~> 1.6.1)
      json_pure
      launchy (= 2.1.0)
      net-ssh (~> 2.2.1)
      rest-client (~> 1.6.0)
    engineyard-cloud-client (1.0.7)
      multi_json (~> 1.3.0)
      rest-client (~> 1.6.0)
    engineyard-serverside-adapter (2.0.4)
      escape (~> 0.0.4)
      json_pure
    erubis (2.7.0)
    escape (0.0.4)
    excon (0.16.10)
    execjs (1.4.0)
      multi_json (~> 1.0)
    faraday (0.8.4)
      multipart-post (~> 1.1)
    fog (1.7.0)
      builder
      excon (~> 0.14)
      formatador (~> 0.2.0)
      mime-types
      multi_json (~> 1.0)
      net-scp (~> 1.0.4)
      net-ssh (>= 2.1.3)
      nokogiri (~> 1.5.0)
      ruby-hmac
    formatador (0.2.4)
    geokit (1.6.5)
      multi_json
    googl (0.6.1)
      httparty (~> 0.8.3)
      json (>= 1.4.6)
    hashery (2.0.1)
    highline (1.6.15)
    hike (1.2.1)
    hoptoad_notifier (2.4.11)
      activesupport
      builder
    httparty (0.8.3)
      multi_json (~> 1.0)
      multi_xml
    i18n (0.6.1)
    jammit (0.6.5)
      yui-compressor (>= 0.9.3)
    jammit-s3 (0.6.0.2)
      jammit (>= 0.5.4)
      mimemagic (>= 0.1.7)
      s3 (>= 0.3.7)
    journey (1.0.4)
    jquery-rails (2.1.3)
      railties (>= 3.1.0, < 5.0)
      thor (~> 0.14)
    json (1.7.5)
    json_pure (1.7.5)
    launchy (2.1.0)
      addressable (~> 2.2.6)
    mail (2.4.4)
      i18n (>= 0.4.0)
      mime-types (~> 1.16)
      treetop (~> 1.4.8)
    method_source (0.8.1)
    mime-types (1.19)
    mimemagic (0.2.0)
    mini_magick (3.4)
      subexec (~> 0.2.1)
    multi_json (1.3.7)
    multi_xml (0.5.1)
    multipart-post (1.1.5)
    mysql2 (0.3.11)
    net-scp (1.0.4)
      net-ssh (>= 1.99.1)
    net-ssh (2.2.2)
    nokogiri (1.5.5)
    open4 (1.3.0)
    orm_adapter (0.4.0)
    pdf-reader (1.2.0)
      Ascii85 (~> 1.0.0)
      hashery (~> 2.0)
      ruby-rc4
    polyglot (0.3.3)
    prawn (0.12.0)
      pdf-reader (>= 0.9.0)
      ttfunk (~> 1.0.2)
    proxies (0.2.1)
    pry (0.9.10)
      coderay (~> 1.0.5)
      method_source (~> 0.8)
      slop (~> 3.3.1)
    pry-rails (0.2.2)
      pry (>= 0.9.10)
    rack (1.4.1)
    rack-cache (1.2)
      rack (>= 0.4)
    rack-ssl (1.3.2)
      rack
    rack-test (0.6.2)
      rack (>= 1.0)
    rails (3.2.9)
      actionmailer (= 3.2.9)
      actionpack (= 3.2.9)
      activerecord (= 3.2.9)
      activeresource (= 3.2.9)
      activesupport (= 3.2.9)
      bundler (~> 1.0)
      railties (= 3.2.9)
    railties (3.2.9)
      actionpack (= 3.2.9)
      activesupport (= 3.2.9)
      rack-ssl (~> 1.3.2)
      rake (>= 0.8.7)
      rdoc (~> 3.4)
      thor (>= 0.14.6, < 2.0)
    rake (10.0.2)
    rdoc (3.12)
      json (~> 1.4)
    rest-client (1.6.7)
      mime-types (>= 1.16)
    rinku (1.7.2)
    ruby-hmac (0.4.0)
    ruby-rc4 (0.1.5)
    rubyzip (0.9.9)
    s3 (0.3.11)
      proxies (~> 0.2.0)
    sass (3.2.3)
    sass-rails (3.2.5)
      railties (~> 3.2.0)
      sass (>= 3.1.10)
      tilt (~> 1.3)
    simple_oauth (0.1.9)
    slop (3.3.3)
    sprockets (2.2.1)
      hike (~> 1.2)
      multi_json (~> 1.0)
      rack (~> 1.0)
      tilt (~> 1.1, != 1.3.0)
    subexec (0.2.2)
    thor (0.16.0)
    tilt (1.3.3)
    treetop (1.4.12)
      polyglot
      polyglot (>= 0.3.1)
    ttfunk (1.0.3)
    twitter (4.3.0)
      faraday (~> 0.8)
      multi_json (~> 1.3)
      simple_oauth (~> 0.1.6)
    tzinfo (0.3.35)
    uglifier (1.3.0)
      execjs (>= 0.3.0)
      multi_json (~> 1.0, >= 1.0.2)
    warden (1.2.1)
      rack (>= 1.0)
    will_paginate (3.0.3)
    yaml_db (0.2.3)
    yui-compressor (0.9.6)
      POpen4 (>= 0.1.4)
    zippy (0.2.1)
      rubyzip (>= 0.9.1)

PLATFORMS
  ruby

DEPENDENCIES
  cancan
  carrierwave
  coffee-rails (~> 3.2.1)
  dalli
  delayed_job_active_record
  devise
  devise_invitable
  engineyard
  fog
  geokit
  googl
  hoptoad_notifier
  jammit
  jammit-s3
  jquery-rails
  mail
  mini_magick
  mysql2
  prawn
  pry-rails
  rails (= 3.2.9)
  rake
  rest-client
  rinku
  rubyzip
  sass-rails (~> 3.2.3)
  twitter
  uglifier (>= 1.0.3)
  will_paginate
  yaml_db
  yui-compressor
  zippy
