GIT
  remote: git://github.com/kmamykin/jammit-s3.git
  revision: 2ae21f48b717ff555472c00fa56e1a145995fc5c
  branch: aws-s3
  specs:
    jammit-s3 (0.6.0.2)
      aws-s3 (>= 0.6.2)
      jammit (~> 0.6.0)
      mimemagic (>= 0.1.7)
      ruby-hmac

GEM
  remote: http://rubygems.org/
  specs:
    POpen4 (0.1.4)
      Platform (>= 0.4.0)
      open4
    Platform (0.4.0)
    abstract (1.0.0)
    actionmailer (3.0.9)
      actionpack (= 3.0.9)
      mail (~> 2.2.19)
    actionpack (3.0.9)
      activemodel (= 3.0.9)
      activesupport (= 3.0.9)
      builder (~> 2.1.2)
      erubis (~> 2.6.6)
      i18n (~> 0.5.0)
      rack (~> 1.2.1)
      rack-mount (~> 0.6.14)
      rack-test (~> 0.5.7)
      tzinfo (~> 0.3.23)
    activemodel (3.0.9)
      activesupport (= 3.0.9)
      builder (~> 2.1.2)
      i18n (~> 0.5.0)
    activerecord (3.0.9)
      activemodel (= 3.0.9)
      activesupport (= 3.0.9)
      arel (~> 2.0.10)
      tzinfo (~> 0.3.23)
    activeresource (3.0.9)
      activemodel (= 3.0.9)
      activesupport (= 3.0.9)
    activesupport (3.0.9)
    addressable (2.2.6)
    arel (2.0.10)
    aws-s3 (0.6.2)
      builder
      mime-types
      xml-simple
    bcrypt-ruby (3.0.1)
    builder (2.1.2)
    cancan (1.5.1)
    daemons (1.1.3)
    delayed_job (2.1.4)
      activesupport (~> 3.0)
      daemons
    devise (1.4.7)
      bcrypt-ruby (~> 3.0)
      orm_adapter (~> 0.0.3)
      warden (~> 1.0.3)
    devise_invitable (0.5.4)
      devise (~> 1.4.1)
      rails (>= 3.0.0, < 3.2)
    dynamic_form (1.1.3)
    erubis (2.6.6)
      abstract (>= 1.0.0)
    faraday (0.7.5)
      addressable (~> 2.2.6)
      multipart-post (~> 1.1.3)
      rack (>= 1.1.0, < 2)
    geokit (1.5.0)
    hoptoad_notifier (2.4.11)
      activesupport
      builder
    i18n (0.5.0)
    jammit (0.6.1)
      yui-compressor (>= 0.9.3)
    jquery-rails (1.0.13)
      railties (~> 3.0)
      thor (~> 0.14)
    mail (2.2.19)
      activesupport (>= 2.3.6)
      i18n (>= 0.4.0)
      mime-types (~> 1.16)
      treetop (~> 1.4.8)
    mime-types (1.16)
    mimemagic (0.1.8)
    multi_json (1.0.3)
    multipart-post (1.1.4)
    mysql2 (0.2.7)
    open4 (1.2.0)
    orm_adapter (0.0.5)
    paperclip (2.3.11)
      activerecord (>= 2.3.0)
      activesupport (>= 2.3.2)
    polyglot (0.3.1)
    rack (1.2.4)
    rack-mount (0.6.14)
      rack (>= 1.0.0)
    rack-test (0.5.7)
      rack (>= 1.0)
    rails (3.0.9)
      actionmailer (= 3.0.9)
      actionpack (= 3.0.9)
      activerecord (= 3.0.9)
      activeresource (= 3.0.9)
      activesupport (= 3.0.9)
      bundler (~> 1.0)
      railties (= 3.0.9)
    rails3-generators (0.14.0)
    railties (3.0.9)
      actionpack (= 3.0.9)
      activesupport (= 3.0.9)
      rake (>= 0.8.7)
      rdoc (~> 3.4)
      thor (~> 0.14.4)
    rake (0.9.2)
    rdoc (3.8)
    rmagick (2.12.2)
    ruby-hmac (0.4.0)
    rubyzip (0.9.4)
    simple_oauth (0.1.5)
    thor (0.14.6)
    treetop (1.4.9)
      polyglot (>= 0.3.1)
    twitter (2.0.2)
      activesupport (>= 2.3.9, < 4)
      faraday (~> 0.7)
      multi_json (~> 1.0)
      simple_oauth (~> 0.1)
    tzinfo (0.3.29)
    warden (1.0.6)
      rack (>= 1.0)
    will_paginate (2.3.15)
    xml-simple (1.1.0)
    yaml_db (0.2.1)
    yui-compressor (0.9.6)
      POpen4 (>= 0.1.4)
    zippy (0.1.0)
      rubyzip (>= 0.9.1)

PLATFORMS
  ruby

DEPENDENCIES
  aws-s3 (= 0.6.2)
  cancan (= 1.5.1)
  delayed_job (= 2.1.4)
  devise (= 1.4.7)
  devise_invitable (= 0.5.4)
  dynamic_form (= 1.1.3)
  geokit (= 1.5.0)
  hoptoad_notifier (= 2.4.11)
  jammit (= 0.6.1)
  jammit-s3!
  jquery-rails (= 1.0.13)
  mail (= 2.2.19)
  mysql2 (~> 0.2.7)
  paperclip (= 2.3.11)
  rails (= 3.0.9)
  rails3-generators (= 0.14.0)
  rake (= 0.9.2)
  rmagick (= 2.12.2)
  rubyzip (= 0.9.4)
  twitter (= 2.0.2)
  will_paginate (= 2.3.15)
  yaml_db
  zippy (= 0.1.0)
